PATH
  remote: .
  specs:
    vershunt (1.7.0)
      POpen4 (~> 0.1.0)
      climate (~> 0.5.0)

GEM
  remote: http://rubygems.org/
  specs:
    POpen4 (0.1.4)
      Platform (>= 0.4.0)
      open4
    Platform (0.4.0)
    climate (0.5.0)
      trollop (~> 2.0)
    diff-lcs (1.1.3)
    open4 (1.3.0)
    rake (0.9.2.2)
    rspec (2.8.0)
      rspec-core (~> 2.8.0)
      rspec-expectations (~> 2.8.0)
      rspec-mocks (~> 2.8.0)
    rspec-core (2.8.0)
    rspec-expectations (2.8.0)
      diff-lcs (~> 1.1.2)
    rspec-mocks (2.8.0)
    trollop (2.0)

PLATFORMS
  ruby

DEPENDENCIES
  rake
  rspec (~> 2.8.0)
  vershunt!
